GEM
  remote: https://rubygems.org/
  specs:
    awesome_print (1.9.2)
    coderay (1.1.3)
    ffi (1.15.5-java)
    method_source (1.0.0)
    pry (0.14.2)
      coderay (~> 1.1)
      method_source (~> 1.0)
    pry (0.14.2-java)
      coderay (~> 1.1)
      method_source (~> 1.0)
      spoon (~> 0.0)
    random_variate_generator (0.0.2)
    spoon (0.0.6)
      ffi

PLATFORMS
  universal-java-14
  x86_64-linux

DEPENDENCIES
  awesome_print
  pry
  random_variate_generator

BUNDLED WITH
   2.4.8
