GEM
  remote: https://rubygems.org/
  specs:
    awesome_print (1.9.2)
    coderay (1.1.3)
    method_source (1.0.0)
    pry (0.14.2)
      coderay (~> 1.1)
      method_source (~> 1.0)
    random_variate_generator (0.0.2)

PLATFORMS
  x86_64-linux

DEPENDENCIES
  awesome_print
  pry
  random_variate_generator

BUNDLED WITH
   2.4.7
